GEM
  remote: https://rubygems.org/
  specs:
    google_currency (3.3.0)
      money (~> 6.7)
    i18n (0.8.1)
    mini_portile2 (2.2.0)
    money (6.9.0)
      i18n (>= 0.6.4, < 0.9)
    nokogiri (1.8.0)
      mini_portile2 (~> 2.2.0)
    require_all (1.4.0)

PLATFORMS
  ruby

DEPENDENCIES
  google_currency
  money
  nokogiri
  require_all

BUNDLED WITH
   1.15.1
